GEM
  remote: https://rubygems.org/
  specs:
    htmlentities (4.3.1)
    rubyverse (0.0.1)
    sarah (2.0.0)

PLATFORMS
  ruby

DEPENDENCIES
  htmlentities (~> 4.3.1)
  rubyverse (~> 0.0.1)
  sarah (~> 2.0.0)
